PATH
  remote: .
  specs:
    slock (0.0.1)
      redis

GEM
  remote: https://rubygems.org/
  specs:
    byebug (11.1.3)
    connection_pool (2.4.0)
    diff-lcs (1.5.0)
    rake (13.0.6)
    redis (5.0.6)
      redis-client (>= 0.9.0)
    redis-client (0.14.1)
      connection_pool
    redis-namespace (1.10.0)
      redis (>= 4)
    rspec (3.12.0)
      rspec-core (~> 3.12.0)
      rspec-expectations (~> 3.12.0)
      rspec-mocks (~> 3.12.0)
    rspec-core (3.12.1)
      rspec-support (~> 3.12.0)
    rspec-expectations (3.12.2)
      diff-lcs (>= 1.2.0, < 2.0)
      rspec-support (~> 3.12.0)
    rspec-mocks (3.12.5)
      diff-lcs (>= 1.2.0, < 2.0)
      rspec-support (~> 3.12.0)
    rspec-support (3.12.0)
    timecop (0.9.6)

PLATFORMS
  x86_64-linux

DEPENDENCIES
  byebug
  rake
  redis-namespace
  rspec
  slock!
  timecop

BUNDLED WITH
   2.3.13
